GEM
  remote: https://rubygems.org/
  remote: http://admin:c0mpa33@gems.compassagile.com:9292/
  specs:
    aasm (3.0.14)
    actionmailer (3.2.16)
      actionpack (= 3.2.16)
      mail (~> 2.5.4)
    actionpack (3.2.16)
      activemodel (= 3.2.16)
      activesupport (= 3.2.16)
      builder (~> 3.0.0)
      erubis (~> 2.7.0)
      journey (~> 1.0.4)
      rack (~> 1.4.5)
      rack-cache (~> 1.2)
      rack-test (~> 0.6.1)
      sprockets (~> 2.2.1)
    active_utils (2.0.1)
      activesupport (>= 2.3.11)
      i18n
    activemerchant (1.29.3)
      active_utils (>= 1.0.2)
      activesupport (>= 2.3.14)
      builder (>= 2.0.0)
      i18n
      json (>= 1.5.1)
      money
      nokogiri
    activemodel (3.2.16)
      activesupport (= 3.2.16)
      builder (~> 3.0.0)
    activerecord (3.2.16)
      activemodel (= 3.2.16)
      activesupport (= 3.2.16)
      arel (~> 3.0.2)
      tzinfo (~> 0.3.29)
    activeresource (3.2.16)
      activemodel (= 3.2.16)
      activesupport (= 3.2.16)
    activesupport (3.2.16)
      i18n (~> 0.6, >= 0.6.4)
      multi_json (~> 1.0)
    acts-as-taggable-on (2.3.3)
      rails (~> 3.0)
    arel (3.0.3)
    attr_encrypted (1.2.1)
      encryptor (>= 1.1.1)
    awesome_nested_set (2.1.6)
      activerecord (>= 3.0.0)
    aws-sdk (1.6.0)
      httparty (~> 0.7)
      json (~> 1.4)
      nokogiri (>= 1.4.4)
      uuidtools (~> 2.1)
    bcrypt-ruby (3.0.1)
    builder (3.0.4)
    cocaine (0.4.2)
    coffee-rails (3.2.2)
      coffee-script (>= 2.2.0)
      railties (~> 3.2.0)
    coffee-script (2.2.0)
      coffee-script-source
      execjs
    coffee-script-source (1.7.0)
    compass_ae_console (2.0.1)
      erp_app (~> 3.1)
    compass_ae_saas (1.0.2)
      erp_commerce
      erp_invoicing
      git
      git-ssh-wrapper
      stripe (~> 1.10.0)
    compass_ae_sencha (1.0.6)
    data_migrator (2.0.1)
      rails (~> 3.2.0)
    delayed_job (3.0.5)
      activesupport (~> 3.0)
    delayed_job_active_record (0.3.3)
      activerecord (>= 2.1.0, < 4)
      delayed_job (~> 3.0)
    diff-lcs (1.2.5)
    docile (1.1.3)
    dynamic_attributes (1.2.0)
    encryptor (1.3.0)
    erp_agreements (3.1.0)
      erp_tech_svcs (~> 3.1)
    erp_app (3.1.18)
      compass_ae_sencha (~> 1.0.3)
      erp_tech_svcs (~> 3.1)
      uglifier (~> 1.3.0)
      will_paginate (= 3.0.3)
    erp_base_erp_svcs (3.1.6)
      attr_encrypted (~> 1.2.0)
      awesome_nested_set (~> 2.1.3)
      data_migrator (~> 2.0)
      has_many_polymorphic (>= 2.0.3)
      uuid (= 2.3.5)
    erp_commerce (3.1.4)
      aasm (= 3.0.14)
      activemerchant (= 1.29.3)
      erp_orders (~> 3.1)
    erp_communication_events (3.1.0)
      erp_tech_svcs (~> 3.1)
    erp_financial_accounting (3.1.0)
      erp_agreements (~> 3.1)
      erp_app (~> 3.1)
      erp_commerce (~> 3.1)
      erp_orders (~> 3.1)
      erp_products (~> 3.1)
      erp_txns_and_accts (~> 3.1)
    erp_forms (3.1.3)
      erp_app (~> 3.1)
      friendly_id (= 4.0.10.1)
    erp_inventory (3.1.0)
      erp_orders (~> 3.1)
    erp_invoicing (3.1.1)
      erp_commerce (~> 3.1)
      erp_work_effort (~> 3.1)
      knitkit (~> 2.1)
    erp_orders (3.1.1)
      erp_products (~> 3.1)
      erp_txns_and_accts (~> 3.1)
    erp_products (3.1.1)
      erp_app (~> 3.1)
    erp_rules (3.1.0)
      erp_txns_and_accts (~> 3.1)
      ruleby (~> 0.8)
    erp_tech_svcs (3.1.9)
      aasm (= 3.0.14)
      aws-sdk (= 1.6.0)
      delayed_job_active_record (= 0.3.3)
      dynamic_attributes (~> 1.2.0)
      erp_base_erp_svcs (~> 3.1)
      mail_alternatives_with_attachments (= 1.0.0)
      paperclip (= 3.3.1)
      pdfkit (= 0.5.2)
      sorcery (= 0.7.13)
    erp_txns_and_accts (3.1.1)
      erp_agreements (~> 3.1)
    erp_work_effort (3.1.1)
      erp_tech_svcs (~> 3.1)
    erubis (2.7.0)
    execjs (2.0.2)
    faraday (0.9.0)
      multipart-post (>= 1.2, < 3)
    friendly_id (4.0.10.1)
      activerecord (>= 3.0, < 4.0)
    git (1.2.6)
    git-ssh-wrapper (0.2.0)
    has_many_polymorphic (2.0.4)
      rails (>= 3.0)
      rspec-rails (~> 2.7)
      simplecov (~> 0.5)
    hike (1.2.3)
    httparty (0.12.0)
      json (~> 1.8)
      multi_xml (>= 0.5.2)
    httpauth (0.2.1)
    i18n (0.6.9)
    journey (1.0.4)
    jquery-rails (3.1.0)
      railties (>= 3.0, < 5.0)
      thor (>= 0.14, < 2.0)
    json (1.8.1)
    knitkit (2.1.16)
      acts-as-taggable-on (= 2.3.3)
      erp_forms (~> 3.0)
      kramdown (= 1.0.1)
      nokogiri (= 1.5.5)
      routing-filter (= 0.3.1)
      rubyzip (= 0.9.9)
    kramdown (1.0.1)
    macaddr (1.6.1)
      systemu (~> 2.5.0)
    mail (2.5.4)
      mime-types (~> 1.16)
      treetop (~> 1.4.8)
    mail_alternatives_with_attachments (1.0.0)
    mime-types (1.25.1)
    monetize (0.1.4)
    money (6.0.1)
      i18n (~> 0.6.4)
      monetize (~> 0.1.3)
    multi_json (1.8.4)
    multi_xml (0.5.5)
    multipart-post (2.0.0)
    nokogiri (1.5.5)
    oauth (0.4.7)
    oauth2 (0.6.1)
      faraday (~> 0.7)
      httpauth (~> 0.1)
      multi_json (~> 1.3)
    paperclip (3.3.1)
      activemodel (>= 3.0.0)
      activerecord (>= 3.0.0)
      activesupport (>= 3.0.0)
      cocaine (~> 0.4.0)
      mime-types
    pdfkit (0.5.2)
    pg (0.17.1)
    polyglot (0.3.3)
    rack (1.4.5)
    rack-cache (1.2)
      rack (>= 0.4)
    rack-ssl (1.3.3)
      rack
    rack-test (0.6.2)
      rack (>= 1.0)
    rails (3.2.16)
      actionmailer (= 3.2.16)
      actionpack (= 3.2.16)
      activerecord (= 3.2.16)
      activeresource (= 3.2.16)
      activesupport (= 3.2.16)
      bundler (~> 1.0)
      railties (= 3.2.16)
    rails_12factor (0.0.2)
      rails_serve_static_assets
      rails_stdout_logging
    rails_db_admin (2.1.3)
      erp_forms (~> 3.0)
    rails_serve_static_assets (0.0.2)
    rails_stdout_logging (0.0.3)
    railties (3.2.16)
      actionpack (= 3.2.16)
      activesupport (= 3.2.16)
      rack-ssl (~> 1.3.2)
      rake (>= 0.8.7)
      rdoc (~> 3.4)
      thor (>= 0.14.6, < 2.0)
    rake (10.1.1)
    rdoc (3.12.2)
      json (~> 1.4)
    rest-client (1.6.7)
      mime-types (>= 1.16)
    routing-filter (0.3.1)
      actionpack
    rspec-core (2.14.7)
    rspec-expectations (2.14.5)
      diff-lcs (>= 1.1.3, < 2.0)
    rspec-mocks (2.14.5)
    rspec-rails (2.14.1)
      actionpack (>= 3.0)
      activemodel (>= 3.0)
      activesupport (>= 3.0)
      railties (>= 3.0)
      rspec-core (~> 2.14.0)
      rspec-expectations (~> 2.14.0)
      rspec-mocks (~> 2.14.0)
    rubyzip (0.9.9)
    ruleby (0.8)
    sass (3.2.14)
    sass-rails (3.2.6)
      railties (~> 3.2.0)
      sass (>= 3.1.10)
      tilt (~> 1.3)
    simplecov (0.8.2)
      docile (~> 1.1.0)
      multi_json
      simplecov-html (~> 0.8.0)
    simplecov-html (0.8.0)
    sorcery (0.7.13)
      bcrypt-ruby (~> 3.0.0)
      oauth (~> 0.4.4)
      oauth2 (~> 0.6.0)
    sprockets (2.2.2)
      hike (~> 1.2)
      multi_json (~> 1.0)
      rack (~> 1.0)
      tilt (~> 1.1, != 1.3.0)
    stripe (1.10.1)
      json (~> 1.8.1)
      mime-types (~> 1.25)
      rest-client (~> 1.4)
    systemu (2.5.2)
    thor (0.18.1)
    tilt (1.4.1)
    treetop (1.4.15)
      polyglot
      polyglot (>= 0.3.1)
    tzinfo (0.3.38)
    uglifier (1.3.0)
      execjs (>= 0.3.0)
      multi_json (~> 1.0, >= 1.0.2)
    uuid (2.3.5)
      macaddr (~> 1.0)
    uuidtools (2.1.4)
    will_paginate (3.0.3)

PLATFORMS
  ruby

DEPENDENCIES
  coffee-rails (~> 3.2.1)
  compass_ae_console (= 2.0.1)
  compass_ae_saas (= 1.0.2)
  compass_ae_sencha (= 1.0.6)
  erp_agreements
  erp_app (= 3.1.18)
  erp_base_erp_svcs (= 3.1.6)
  erp_commerce
  erp_communication_events
  erp_financial_accounting
  erp_forms (= 3.1.3)
  erp_inventory
  erp_invoicing (= 3.1.1)
  erp_orders
  erp_products
  erp_rules
  erp_tech_svcs (= 3.1.9)
  erp_txns_and_accts
  erp_work_effort
  jquery-rails
  knitkit (= 2.1.16)
  pg
  rails (= 3.2.16)
  rails_12factor
  rails_db_admin (= 2.1.3)
  sass-rails (~> 3.2.3)
  uglifier (>= 1.0.3)
